NUGET
  remote: https://nuget.org/api/v2
  specs:
    FAKE (3.21.0)
    FSharp.Compiler.Service (0.0.86)
    FSharp.Core (3.1.2.1)
    FSharp.Formatting (2.7.5)
      FSharp.Compiler.Service (>= 0.0.82)
      FSharpVSPowerTools.Core (>= 1.7.0)
    FSharpVSPowerTools.Core (1.7.0)
      FSharp.Compiler.Service (>= 0.0.81)
    FsPickler (1.0.15)
    FsReveal (0.7.0)
      FSharp.Formatting (>= 2.7.5)
      FSharpVSPowerTools.Core (>= 1.7.0)
    Suave (0.26.0)
      FSharp.Core (>= 3.1.2.1)
      FsPickler (>= 1.0.7)
